GEM
  remote: https://rubygems.org/
  specs:
    addressable (2.7.0)
      public_suffix (>= 2.0.2, < 5.0)
    ansi (1.5.0)
    ast (2.4.1)
    beaker (4.27.1)
      beaker-hostgenerator
      hocon (~> 1.0)
      in-parallel (~> 0.1)
      inifile (~> 3.0)
      minitar (~> 0.6)
      minitest (~> 5.4)
      net-scp (>= 1.2, < 4.0)
      net-ssh (>= 5.0)
      open_uri_redirections (~> 0.2.1)
      pry-byebug (~> 3.9)
      rb-readline (~> 0.5.3)
      rsync (~> 1.0.9)
      stringify-hash (~> 0.0)
      thor (>= 1.0.1, < 2.0)
    beaker-abs (0.6.0)
      beaker (~> 4.0)
      vmfloaty (~> 1.0.0)
    beaker-answers (0.27.0)
      hocon (~> 1.0)
      require_all (~> 1.3.2)
      stringify-hash (~> 0.0.0)
    beaker-docker (0.7.1)
      docker-api (< 2.0.0)
      stringify-hash (~> 0.0.0)
    beaker-hostgenerator (1.2.8)
      deep_merge (~> 1.0)
      stringify-hash (~> 0.0.0)
    beaker-pe (2.11.7)
      beaker (~> 4.0)
      beaker-abs
      beaker-answers (~> 0.0)
      beaker-puppet (~> 1.0)
      beaker-vmpooler (~> 1.0)
      stringify-hash (~> 0.0.0)
    beaker-puppet (1.20.0)
      beaker (~> 4.1)
      in-parallel (~> 0.1)
      oga
      stringify-hash (~> 0.0.0)
    beaker-puppet_install_helper (0.9.8)
      beaker (~> 4.0)
      beaker-pe (~> 2.0)
    beaker-rspec (6.2.4)
      beaker (> 3.0)
      rspec (~> 3.0)
      serverspec (~> 2)
      specinfra (~> 2)
    beaker-vagrant (0.6.6)
      stringify-hash (~> 0.0.0)
    beaker-vmpooler (1.3.3)
      stringify-hash (~> 0.0.0)
    byebug (11.1.3)
    coderay (1.1.3)
    colored2 (3.1.2)
    colorize (0.8.1)
    commander (4.5.2)
      highline (~> 2.0.0)
    cri (2.15.10)
    deep_merge (1.2.1)
    diff-lcs (1.4.4)
    docker-api (1.34.2)
      excon (>= 0.47.0)
      multi_json
    domain_name (0.5.20190701)
      unf (>= 0.0.5, < 1.0.0)
    excon (0.78.0)
    facter (2.5.7)
    facterdb (1.4.0)
      facter (< 4.0.0)
      jgrep
    faraday (0.17.3)
      multipart-post (>= 1.2, < 3)
    faraday_middleware (0.14.0)
      faraday (>= 0.7.4, < 1.0)
    fast_gettext (1.1.2)
    gettext (3.2.9)
      locale (>= 2.0.5)
      text (>= 1.3.0)
    gettext-setup (0.34)
      fast_gettext (~> 1.1.0)
      gettext (>= 3.0.2, < 3.3.0)
      locale
    hiera (3.6.0)
    hiera-puppet-helper (1.0.1)
    highline (2.0.3)
    hocon (1.3.1)
    http-cookie (1.0.3)
      domain_name (~> 0.5)
    in-parallel (0.1.17)
    inifile (3.0.0)
    jgrep (1.5.4)
    json (2.3.1)
    json-schema (2.8.1)
      addressable (>= 2.4)
    locale (2.1.3)
    log4r (1.1.10)
    metadata-json-lint (2.4.0)
      json-schema (~> 2.8)
      spdx-licenses (~> 1.0)
    method_source (1.0.0)
    mime-types (2.99.3)
    mini_portile2 (2.4.0)
    minitar (0.9)
    minitest (5.14.2)
    mocha (1.11.2)
    multi_json (1.15.0)
    multipart-post (2.1.1)
    net-scp (3.0.0)
      net-ssh (>= 2.6.5, < 7.0.0)
    net-ssh (6.1.0)
    net-telnet (0.1.1)
    netrc (0.11.0)
    nokogiri (1.10.10)
      mini_portile2 (~> 2.4.0)
    oga (3.3)
      ast
      ruby-ll (~> 2.1)
    open_uri_redirections (0.2.1)
    pager (1.0.1)
    parallel (1.19.2)
    parallel_tests (2.24.0)
      parallel
    pry (0.13.1)
      coderay (~> 1.1)
      method_source (~> 1.0)
    pry-byebug (3.9.0)
      byebug (~> 11.0)
      pry (~> 0.13.0)
    pry-doc (1.1.0)
      pry (~> 0.11)
      yard (~> 0.9.11)
    public_suffix (4.0.6)
    puppet (5.5.21)
      facter (> 2.0.1, < 4)
      fast_gettext (~> 1.1.2)
      hiera (>= 3.2.1, < 4)
      locale (~> 2.1)
      multi_json (~> 1.10)
    puppet-blacksmith (3.4.0)
      puppet (>= 2.7.16)
      rest-client (~> 1.8.0)
    puppet-lint (2.4.2)
    puppet-lint-empty_string-check (0.2.2)
      puppet-lint (>= 1.0, < 3.0)
    puppet-lint-trailing_comma-check (0.4.2)
      puppet-lint (>= 1.0, < 3.0)
    puppet-strings (2.5.0)
      rgen
      yard (~> 0.9.5)
    puppet-syntax (2.6.1)
      puppet (>= 5)
      rake
    puppet_forge (2.3.4)
      faraday (>= 0.9.0, < 0.18.0, != 0.13.1)
      faraday_middleware (>= 0.9.0, < 0.15.0)
      gettext-setup (~> 0.11)
      minitar
      semantic_puppet (~> 1.0)
    puppetlabs_spec_helper (2.7.0)
      mocha (~> 1.0)
      puppet-lint (~> 2.0)
      puppet-syntax (~> 2.0)
      rspec-puppet (~> 2.0)
    r10k (3.6.0)
      colored2 (= 3.1.2)
      cri (>= 2.15.10, < 3.0.0)
      fast_gettext (~> 1.1.0)
      gettext (>= 3.0.2, < 3.3.0)
      gettext-setup (~> 0.24)
      log4r (= 1.1.10)
      multi_json (~> 1.10)
      puppet_forge (~> 2.3.0)
    rake (12.3.3)
    rb-readline (0.5.5)
    require_all (1.3.3)
    rest-client (1.8.0)
      http-cookie (>= 1.0.2, < 2.0)
      mime-types (>= 1.16, < 3.0)
      netrc (~> 0.7)
    rgen (0.8.2)
    rspec (3.9.0)
      rspec-core (~> 3.9.0)
      rspec-expectations (~> 3.9.0)
      rspec-mocks (~> 3.9.0)
    rspec-core (3.9.3)
      rspec-support (~> 3.9.3)
    rspec-expectations (3.9.2)
      diff-lcs (>= 1.2.0, < 2.0)
      rspec-support (~> 3.9.0)
    rspec-its (1.3.0)
      rspec-core (>= 3.0.0)
      rspec-expectations (>= 3.0.0)
    rspec-mocks (3.9.1)
      diff-lcs (>= 1.2.0, < 2.0)
      rspec-support (~> 3.9.0)
    rspec-puppet (2.7.10)
      rspec
    rspec-puppet-facts (2.0.0)
      facter
      facterdb (>= 0.5.0)
      puppet
    rspec-support (3.9.3)
    rsync (1.0.9)
    ruby-ll (2.1.2)
      ansi
      ast
    ruby-progressbar (1.10.1)
    semantic_puppet (1.0.2)
    serverspec (2.41.5)
      multi_json
      rspec (~> 3.0)
      rspec-its
      specinfra (~> 2.72)
    sfl (2.3)
    simp-beaker-helpers (1.19.0)
      beaker (>= 4.17.0, < 5.0.0)
      beaker-docker (~> 0.3)
      beaker-puppet (>= 1.18.14, < 2.0.0)
      beaker-puppet_install_helper (~> 0.9)
      beaker-rspec (~> 6.2)
      beaker-vagrant (>= 0.6.4, < 2.0.0)
      highline (~> 2.0)
      net-telnet (~> 0.1.1)
      nokogiri (~> 1.8)
    simp-rake-helpers (5.11.4)
      bundler (>= 1.14, < 3.0)
      pager (~> 1.0)
      parallel (~> 1.0)
      parallel_tests (> 2.4, < 2.25)
      puppet (>= 3.0, < 7.0)
      puppet-blacksmith (~> 3.3)
      puppet-lint (>= 1.0, < 3.0)
      puppetlabs_spec_helper (~> 2.0)
      r10k (>= 2.2, < 4.0)
      rake (>= 10.0, < 13.0)
      ruby-progressbar (~> 1.0)
      simp-beaker-helpers (~> 1.11)
      simp-rspec-puppet-facts (>= 2.4.1, < 4.0)
    simp-rspec-puppet-facts (3.1.1)
      facter (>= 2.5.0, < 3.0)
      json (>= 1.0)
      rspec-puppet-facts
    spdx-licenses (1.2.0)
    specinfra (2.82.21)
      net-scp
      net-ssh (>= 2.7)
      net-telnet (= 0.1.1)
      sfl
    stringify-hash (0.0.2)
    text (1.3.1)
    thor (1.0.1)
    unf (0.1.4)
      unf_ext
    unf_ext (0.0.7.7)
    vmfloaty (1.0.0)
      colorize (~> 0.8.1)
      commander (>= 4.4.3, < 4.6.0)
      faraday (~> 0.17.0)
    yard (0.9.25)

PLATFORMS
  ruby

DEPENDENCIES
  beaker
  beaker-rspec
  hiera-puppet-helper
  metadata-json-lint
  pry
  pry-byebug
  pry-doc
  puppet (~> 5.5)
  puppet-lint-empty_string-check
  puppet-lint-trailing_comma-check
  puppet-strings
  puppetlabs_spec_helper
  rake
  rspec
  rspec-puppet
  simp-beaker-helpers (>= 1.18.7, < 2)
  simp-rake-helpers (> 5.11, < 6)
  simp-rspec-puppet-facts (~> 3.1)

BUNDLED WITH
   1.16.6
